PATH
  remote: .
  specs:
    jdbc-drill (0.11.0.1)

GEM
  remote: http://rubygems.org/
  specs:
    diff-lcs (1.2.4)
    rake (10.0.4)
    rspec (2.13.0)
      rspec-core (~> 2.13.0)
      rspec-expectations (~> 2.13.0)
      rspec-mocks (~> 2.13.0)
    rspec-core (2.13.1)
    rspec-expectations (2.13.0)
      diff-lcs (>= 1.1.3, < 2.0)
    rspec-mocks (2.13.1)
    sequel (4.8.0)

PLATFORMS
  java
  ruby

DEPENDENCIES
  jdbc-drill!
  rake
  rspec
  sequel
